GIT
  remote: git://github.com/sinatra/sinatra-contrib.git
  revision: 66892d3789ba23f157b17d67570479e97d7eaa95
  specs:
    sinatra-contrib (1.4.6)
      backports (>= 2.0)
      multi_json
      rack-protection
      rack-test
      sinatra (~> 1.4.0)
      tilt (>= 1.3, < 3)

PATH
  remote: /Users/nickn/Documents/Arbeit/csvlint.rb
  specs:
    csvlint (0.3.0)
      activesupport
      addressable
      colorize
      escape_utils
      mime-types
      open_uri_redirections
      thor
      typhoeus
      uri_template

GEM
  remote: https://rubygems.org/
  specs:
    activesupport (4.2.5.1)
      i18n (~> 0.7)
      json (~> 1.7, >= 1.7.7)
      minitest (~> 5.1)
      thread_safe (~> 0.3, >= 0.3.4)
      tzinfo (~> 1.1)
    addressable (2.4.0)
    backports (3.6.7)
    colorize (0.7.7)
    daemons (1.2.3)
    eventmachine (1.0.7)
    hashids (1.0.2)
    hiredis (0.6.0)
    kafka-consumer (0.1.2)
      kazoo-ruby (~> 0.4.0)
      poseidon (~> 0.0.5)
    kazoo-ruby (0.4.0)
      thor (~> 0.19.1)
      zookeeper (~> 1.4)
    lmdb (0.4.8)
    mime-types (3.0)
      mime-types-data (~> 3.2015)
    mime-types-data (3.2015.1120)
    mini_portile (0.6.2)
    minitest (5.8.4)
    moneta (0.8.0)
    multi_json (1.11.2)
    nokogiri (1.6.6.2)
      mini_portile (~> 0.6.0)
    open_uri_redirections (0.2.1)
    poseidon (0.0.5)
    rack (1.6.4)
    rack-protection (1.5.3)
      rack
    rack-test (0.6.3)
      rack (>= 1.0)
    redis (3.2.1)
    sinatra (1.4.6)
      rack (~> 1.4)
      rack-protection (~> 1.4)
      tilt (>= 1.3, < 3)
    thin (1.6.4)
      daemons (~> 1.0, >= 1.0.9)
      eventmachine (~> 1.0, >= 1.0.4)
      rack (~> 1.0)
    thor (0.19.1)
    tilt (2.0.1)
    typhoeus (1.0.1)
      ethon (>= 0.8.0)
    tzinfo (1.2.2)
      thread_safe (~> 0.1)
    uri_template (0.7.0)
    zk (1.9.6)
      zookeeper (~> 1.4.0)
    zookeeper (1.4.11)

PLATFORMS
  ruby

DEPENDENCIES
  csvlint!
  hashids
  hiredis (>= 0.6.0)
  kafka-consumer
  lmdb
  moneta
  nokogiri
  poseidon
  rack-matrix_params
  redis
  sinatra
  sinatra-contrib!
  thin
  zk

BUNDLED WITH
   1.10.6
